GEM
  remote: https://rubygems.org/
  specs:
    armor (0.0.3)
    cuba (3.8.0)
      rack (>= 1.6.0)
    cuba-contrib (3.1.0)
      cuba (~> 3.1)
    faker (1.6.5)
      i18n (~> 0.5)
    hiredis (0.6.1)
    i18n (0.7.0)
    mote (1.1.4)
    nido (1.0.0)
    ohm (3.0.3)
      nido
      redic (~> 1.5.0)
      stal
    ohm-contrib (3.0.0)
      ohm (~> 3.0)
    rack (2.0.1)
    rack-protection (1.5.3)
      rack
    redic (1.5.0)
      hiredis
    scrivener (1.0.0)
    scrivener_errors (0.0.6)
    shield (2.1.1)
      armor
    shotgun (0.9.2)
      rack (>= 1.0)
    stal (0.1.0)
      redic

PLATFORMS
  ruby

DEPENDENCIES
  cuba
  cuba-contrib
  faker
  mote
  ohm
  ohm-contrib
  rack-protection
  scrivener
  scrivener_errors
  shield
  shotgun

BUNDLED WITH
   1.12.5
